GEM
  remote: https://rubygems.org/
  specs:
    bson (4.4.2)
    bson_ext (1.5.1)
    dotenv (2.7.2)
    mongo (2.8.0)
      bson (>= 4.4.2, < 5.0.0)
    mustermann (1.0.3)
    oj (3.7.12)
    rack (2.0.7)
    rack-protection (2.0.5)
      rack
    sinatra (2.0.5)
      mustermann (~> 1.0)
      rack (~> 2.0)
      rack-protection (= 2.0.5)
      tilt (~> 2.0)
    tilt (2.0.9)

PLATFORMS
  ruby

DEPENDENCIES
  bson_ext (~> 1.5, >= 1.5.1)
  dotenv (~> 2.7, >= 2.7.2)
  mongo (~> 2.8)
  oj (~> 3.7, >= 3.7.12)
  sinatra (~> 2.0, >= 2.0.5)

BUNDLED WITH
   1.17.2
